PATH
  remote: .
  specs:
    rbsecp256k1 (6.0.0)
      mini_portile2 (~> 2.4)
      pkg-config (~> 1.3)
      rubyzip (~> 2.0)

GEM
  remote: http://www.rubygems.org/
  specs:
    ast (2.4.3)
    diff-lcs (1.6.1)
    jaro_winkler (1.5.6)
    mini_portile2 (2.8.8)
    parallel (1.27.0)
    parser (3.3.8.0)
      ast (~> 2.4.1)
      racc
    pkg-config (1.6.1)
    racc (1.8.1)
    rainbow (3.1.1)
    rake (12.3.3)
    rake-compiler (1.3.0)
      rake
    rspec (3.13.0)
      rspec-core (~> 3.13.0)
      rspec-expectations (~> 3.13.0)
      rspec-mocks (~> 3.13.0)
    rspec-core (3.13.3)
      rspec-support (~> 3.13.0)
    rspec-expectations (3.13.3)
      diff-lcs (>= 1.2.0, < 2.0)
      rspec-support (~> 3.13.0)
    rspec-mocks (3.13.2)
      diff-lcs (>= 1.2.0, < 2.0)
      rspec-support (~> 3.13.0)
    rspec-support (3.13.2)
    rubocop (0.78.0)
      jaro_winkler (~> 1.5.1)
      parallel (~> 1.10)
      parser (>= 2.6)
      rainbow (>= 2.2.2, < 4.0)
      ruby-progressbar (~> 1.7)
      unicode-display_width (>= 1.4.0, < 1.7)
    ruby-progressbar (1.13.0)
    rubyzip (2.4.1)
    unicode-display_width (1.6.1)
    yard (0.9.37)

PLATFORMS
  ruby
  x86_64-linux

DEPENDENCIES
  rake (~> 12.3)
  rake-compiler (~> 1.0)
  rbsecp256k1!
  rspec (~> 3.8)
  rubocop (= 0.78)
  yard (~> 0.9)

BUNDLED WITH
   2.5.21
